GEM
  remote: https://rubygems.org/
  specs:
    benchmark-ips (2.12.0)
    coderay (1.1.3)
    debug (1.8.0)
      irb (>= 1.5.0)
      reline (>= 0.3.1)
    diff-lcs (1.5.0)
    io-console (0.6.0)
    irb (1.9.1)
      rdoc
      reline (>= 0.3.8)
    language_server-protocol (3.17.0.3)
    method_source (1.0.0)
    minitest (5.20.0)
    prettier_print (1.2.1)
    priority_queue_cxx (0.3.6)
    pry (0.14.2)
      coderay (~> 1.1)
      method_source (~> 1.0)
    psych (5.1.1.1)
      stringio
    rake (13.1.0)
    rdoc (6.6.0)
      psych (>= 4.0.0)
    reline (0.4.1)
      io-console (~> 0.5)
    rspec (3.12.0)
      rspec-core (~> 3.12.0)
      rspec-expectations (~> 3.12.0)
      rspec-mocks (~> 3.12.0)
    rspec-core (3.12.2)
      rspec-support (~> 3.12.0)
    rspec-expectations (3.12.3)
      diff-lcs (>= 1.2.0, < 2.0)
      rspec-support (~> 3.12.0)
    rspec-mocks (3.12.6)
      diff-lcs (>= 1.2.0, < 2.0)
      rspec-support (~> 3.12.0)
    rspec-support (3.12.1)
    ruby-lsp (0.3.8)
      language_server-protocol (~> 3.17.0)
      sorbet-runtime
      syntax_tree (>= 5.0.0, < 6)
    sorbet-runtime (0.5.11143)
    stringio (3.1.0)
    syntax_tree (5.3.0)
      prettier_print (>= 1.2.0)
    yard (0.9.34)
    yard-doctest (0.1.17)
      minitest
      yard

PLATFORMS
  arm64-darwin-22

DEPENDENCIES
  benchmark-ips
  debug
  priority_queue_cxx
  pry
  rake
  rspec
  ruby-lsp (~> 0.3.7)
  yard-doctest

BUNDLED WITH
   2.4.10
