GEM
  remote: https://rubygems.org/
  specs:
    coderay (1.1.3)
    language_server-protocol (3.17.0.2)
    method_source (1.0.0)
    minitest (5.14.4)
    prettier_print (1.1.0)
    priority_queue_cxx (0.3.4)
    pry (0.14.1)
      coderay (~> 1.1)
      method_source (~> 1.0)
    rake (13.0.6)
    ruby-lsp (0.3.7)
      language_server-protocol (~> 3.17.0)
      sorbet-runtime
      syntax_tree (>= 4.0.2, < 5.0.0)
    sorbet-runtime (0.5.10588)
    syntax_tree (4.3.0)
      prettier_print (>= 1.0.2)
    webrick (1.7.0)
    yard (0.9.27)
      webrick (~> 1.7.0)
    yard-doctest (0.1.17)
      minitest
      yard

PLATFORMS
  arm64-darwin-22
  x86_64-darwin-21

DEPENDENCIES
  priority_queue_cxx
  pry
  rake
  ruby-lsp (~> 0.3.7)
  yard-doctest

BUNDLED WITH
   2.2.33
