GEM
  remote: https://rubygems.org/
  specs:
    coderay (1.1.3)
    method_source (1.0.0)
    minitest (5.16.3)
    priority_queue_cxx (0.3.5)
    pry (0.14.1)
      coderay (~> 1.1)
      method_source (~> 1.0)
    webrick (1.7.0)
    yard (0.9.28)
      webrick (~> 1.7.0)
    yard-doctest (0.1.17)
      minitest
      yard

PLATFORMS
  arm64-darwin-22

DEPENDENCIES
  priority_queue_cxx
  pry
  yard-doctest

BUNDLED WITH
   2.3.7
