GEM
  remote: https://rubygems.org/
  specs:
    coderay (1.1.3)
    debug (1.7.0)
      irb (>= 1.5.0)
      reline (>= 0.3.1)
    diff-lcs (1.5.0)
    io-console (0.5.11)
    irb (1.6.1)
      reline (>= 0.3.0)
    language_server-protocol (3.17.0.2)
    method_source (1.0.0)
    minitest (5.16.3)
    prettier_print (1.1.0)
    priority_queue_cxx (0.3.5)
    pry (0.14.1)
      coderay (~> 1.1)
      method_source (~> 1.0)
    rake (13.0.6)
    reline (0.3.2)
      io-console (~> 0.5)
    rspec (3.12.0)
      rspec-core (~> 3.12.0)
      rspec-expectations (~> 3.12.0)
      rspec-mocks (~> 3.12.0)
    rspec-core (3.12.0)
      rspec-support (~> 3.12.0)
    rspec-expectations (3.12.1)
      diff-lcs (>= 1.2.0, < 2.0)
      rspec-support (~> 3.12.0)
    rspec-mocks (3.12.1)
      diff-lcs (>= 1.2.0, < 2.0)
      rspec-support (~> 3.12.0)
    rspec-support (3.12.0)
    ruby-lsp (0.3.7)
      language_server-protocol (~> 3.17.0)
      sorbet-runtime
      syntax_tree (>= 4.0.2, < 5.0.0)
    sorbet-runtime (0.5.10590)
    syntax_tree (4.3.0)
      prettier_print (>= 1.0.2)
    webrick (1.7.0)
    yard (0.9.28)
      webrick (~> 1.7.0)
    yard-doctest (0.1.17)
      minitest
      yard

PLATFORMS
  arm64-darwin-22

DEPENDENCIES
  debug
  priority_queue_cxx
  pry
  rake
  rspec
  ruby-lsp (~> 0.3.7)
  yard-doctest

BUNDLED WITH
   2.3.7
