GEM
  remote: https://rubygems.org/
  specs:
    coderay (1.1.3)
    date (3.4.1)
    debug (1.9.2)
      irb (~> 1.10)
      reline (>= 0.3.8)
    diff-lcs (1.5.1)
    io-console (0.7.2)
    irb (1.14.1)
      rdoc (>= 4.0.0)
      reline (>= 0.4.2)
    language_server-protocol (3.17.0.3)
    logger (1.6.2)
    method_source (1.1.0)
    minitest (5.25.1)
    mutex_m (0.3.0)
    prism (1.2.0)
    pry (0.15.0)
      coderay (~> 1.1)
      method_source (~> 1.0)
    psych (5.2.1)
      date
      stringio
    rake (13.2.1)
    rbs (3.6.1)
      logger
    rdoc (6.8.1)
      psych (>= 4.0.0)
    reline (0.5.12)
      io-console (~> 0.5)
    rspec (3.13.0)
      rspec-core (~> 3.13.0)
      rspec-expectations (~> 3.13.0)
      rspec-mocks (~> 3.13.0)
    rspec-core (3.13.2)
      rspec-support (~> 3.13.0)
    rspec-expectations (3.13.3)
      diff-lcs (>= 1.2.0, < 2.0)
      rspec-support (~> 3.13.0)
    rspec-mocks (3.13.2)
      diff-lcs (>= 1.2.0, < 2.0)
      rspec-support (~> 3.13.0)
    rspec-support (3.13.1)
    ruby-lsp (0.22.1)
      language_server-protocol (~> 3.17.0)
      prism (>= 1.2, < 2.0)
      rbs (>= 3, < 4)
      sorbet-runtime (>= 0.5.10782)
    sorbet-runtime (0.5.11670)
    stringio (3.1.2)
    yard (0.9.37)
    yard-doctest (0.1.17)
      minitest
      yard

PLATFORMS
  arm64-darwin-24
  ruby

DEPENDENCIES
  debug
  minitest (= 5.25.1)
  mutex_m
  pry
  rake
  rspec
  ruby-lsp
  yard-doctest

BUNDLED WITH
   2.5.22
